GEM
  remote: http://rubygems.org/
  specs:
    actionmailer (2.3.8)
      actionpack (= 2.3.8)
    actionpack (2.3.8)
      activesupport (= 2.3.8)
      rack (~> 1.1.0)
    activerecord (2.3.8)
      activesupport (= 2.3.8)
    activeresource (2.3.8)
      activesupport (= 2.3.8)
    activesupport (2.3.8)
    builder (3.0.0)
    cucumber (1.1.0)
      builder (>= 2.1.2)
      diff-lcs (>= 1.1.2)
      gherkin (~> 2.5.0)
      json (>= 1.4.6)
      term-ansicolor (>= 1.0.6)
    cucumber-rails (0.3.0)
      cucumber (>= 0.6.2)
    database_cleaner (0.5.0)
    diff-lcs (1.1.3)
    gherkin (2.5.1)
      json (>= 1.4.6)
    haml (3.1.3)
    hoe (2.12.3)
      rake (~> 0.8)
    json (1.6.1)
    mysql (2.8.1)
    nokogiri (1.5.0)
    rack (1.1.2)
    rack-test (0.6.1)
      rack (>= 1.0)
    rails (2.3.8)
      actionmailer (= 2.3.8)
      actionpack (= 2.3.8)
      activerecord (= 2.3.8)
      activeresource (= 2.3.8)
      activesupport (= 2.3.8)
      rake (>= 0.8.3)
    rake (0.9.2)
    rdoc (3.9.4)
    rspec (1.3.0)
    rspec-rails (1.3.2)
      rack (>= 1.0.0)
      rspec (>= 1.3.0)
    sass (3.1.7)
    term-ansicolor (1.0.6)
    test-unit (1.2.3)
      hoe (>= 1.5.1)
    uuidtools (2.1.1)
    webrat (0.7.0)
      nokogiri (>= 1.2.0)
      rack (>= 1.0)
      rack-test (>= 0.5.3)

PLATFORMS
  ruby

DEPENDENCIES
  cucumber-rails (= 0.3.0)
  database_cleaner (= 0.5.0)
  haml (= 3.1.3)
  mysql (= 2.8.1)
  rails (= 2.3.8)
  rdoc (= 3.9.4)
  rspec (= 1.3.0)
  rspec-rails (= 1.3.2)
  sass (= 3.1.7)
  test-unit (= 1.2.3)
  uuidtools (= 2.1.1)
  webrat (= 0.7.0)
